GEM
  remote: https://rubygems.org/
  specs:
    curb (0.9.10)
    diff-lcs (1.3)
    dotenv (2.7.5)
    rspec (3.9.0)
      rspec-core (~> 3.9.0)
      rspec-expectations (~> 3.9.0)
      rspec-mocks (~> 3.9.0)
    rspec-core (3.9.0)
      rspec-support (~> 3.9.0)
    rspec-expectations (3.9.0)
      diff-lcs (>= 1.2.0, < 2.0)
      rspec-support (~> 3.9.0)
    rspec-mocks (3.9.0)
      diff-lcs (>= 1.2.0, < 2.0)
      rspec-support (~> 3.9.0)
    rspec-support (3.9.0)

PLATFORMS
  ruby

DEPENDENCIES
  curb (~> 0.9)
  dotenv (~> 2.7)
  rspec (~> 3.9)

RUBY VERSION
   ruby 2.6.5p114

BUNDLED WITH
   2.0.2
